GEM
  remote: http://rubygems.org/
  specs:
    abstract (1.0.0)
    actionmailer (3.0.9)
      actionpack (= 3.0.9)
      mail (~> 2.2.19)
    actionpack (3.0.9)
      activemodel (= 3.0.9)
      activesupport (= 3.0.9)
      builder (~> 2.1.2)
      erubis (~> 2.6.6)
      i18n (~> 0.5.0)
      rack (~> 1.2.1)
      rack-mount (~> 0.6.14)
      rack-test (~> 0.5.7)
      tzinfo (~> 0.3.23)
    activemodel (3.0.9)
      activesupport (= 3.0.9)
      builder (~> 2.1.2)
      i18n (~> 0.5.0)
    activerecord (3.0.9)
      activemodel (= 3.0.9)
      activesupport (= 3.0.9)
      arel (~> 2.0.10)
      tzinfo (~> 0.3.23)
    activeresource (3.0.9)
      activemodel (= 3.0.9)
      activesupport (= 3.0.9)
    activesupport (3.0.9)
    arel (2.0.10)
    bcrypt-ruby (2.1.4)
    builder (2.1.2)
    cancan (1.6.5)
    capistrano (2.6.0)
      highline
      net-scp (>= 1.0.0)
      net-sftp (>= 2.0.0)
      net-ssh (>= 2.0.14)
      net-ssh-gateway (>= 1.1.0)
    crack (0.1.8)
    daemons (1.1.3)
    delayed_job (2.1.4)
      activesupport (~> 3.0)
      daemons
    devise (1.3.4)
      bcrypt-ruby (~> 2.1.2)
      orm_adapter (~> 0.0.3)
      warden (~> 1.0.3)
    diff-lcs (1.1.2)
    erubis (2.6.6)
      abstract (>= 1.0.0)
    eventmachine (0.12.10)
    ffmpeg-ruby (0.1.3)
    haml (3.1.2)
    haml-rails (0.3.4)
      actionpack (~> 3.0)
      activesupport (~> 3.0)
      haml (~> 3.0)
      railties (~> 3.0)
    hashie (1.0.0)
    highline (1.6.2)
    hpricot (0.8.4)
    httparty (0.7.8)
      crack (= 0.1.8)
    i18n (0.5.0)
    kgio (2.4.2)
    lazy_high_charts (1.1.1)
      bundler (~> 1.0)
    mail (2.2.19)
      activesupport (>= 2.3.6)
      i18n (>= 0.4.0)
      mime-types (~> 1.16)
      treetop (~> 1.4.8)
    mime-types (1.16)
    musicbrainz-ruby (0.3.2)
      hashie (~> 1.0)
      httparty (>= 0.7.3)
    musicbrainz_automatcher (0.2.0)
      activesupport (~> 3.0)
      rbrainz (~> 0.5.1)
      text (~> 0.2)
    net-scp (1.0.4)
      net-ssh (>= 1.99.1)
    net-sftp (2.0.5)
      net-ssh (>= 2.0.9)
    net-ssh (2.1.4)
    net-ssh-gateway (1.1.0)
      net-ssh (>= 1.99.1)
    orm_adapter (0.0.5)
    pg (0.11.0)
    polyglot (0.3.1)
    rack (1.2.3)
    rack-mount (0.6.14)
      rack (>= 1.0.0)
    rack-test (0.5.7)
      rack (>= 1.0)
    rails (3.0.9)
      actionmailer (= 3.0.9)
      actionpack (= 3.0.9)
      activerecord (= 3.0.9)
      activeresource (= 3.0.9)
      activesupport (= 3.0.9)
      bundler (~> 1.0)
      railties (= 3.0.9)
    rails_config (0.2.4)
      activesupport (>= 3.0)
    railties (3.0.9)
      actionpack (= 3.0.9)
      activesupport (= 3.0.9)
      rake (>= 0.8.7)
      rdoc (~> 3.4)
      thor (~> 0.14.4)
    rake (0.9.2)
    rbrainz (0.5.2)
    rdoc (3.6.1)
    rspec (2.6.0)
      rspec-core (~> 2.6.0)
      rspec-expectations (~> 2.6.0)
      rspec-mocks (~> 2.6.0)
    rspec-core (2.6.4)
    rspec-expectations (2.6.0)
      diff-lcs (~> 1.1.2)
    rspec-mocks (2.6.0)
    ruby-graphviz (1.0.0)
    ruby_parser (2.0.6)
      sexp_processor (~> 3.0)
    sass (3.1.2)
    sexp_processor (3.0.5)
    state_machine (1.0.1)
    text (0.2.0)
    thin (1.2.11)
      daemons (>= 1.0.9)
      eventmachine (>= 0.12.6)
      rack (>= 1.0.0)
    thor (0.14.6)
    treetop (1.4.9)
      polyglot (>= 0.3.1)
    tzinfo (0.3.28)
    unicorn (3.7.0)
      kgio (~> 2.3)
      rack
    warden (1.0.4)
      rack (>= 1.0)
    yajl-ruby (0.8.2)

PLATFORMS
  ruby

DEPENDENCIES
  cancan
  capistrano
  delayed_job
  devise
  ffmpeg-ruby
  haml
  haml-rails
  hpricot
  lazy_high_charts
  musicbrainz-ruby
  musicbrainz_automatcher
  pg
  rails (= 3.0.9)
  rails_config
  rspec
  ruby-graphviz
  ruby_parser
  sass
  state_machine
  thin
  unicorn
  yajl-ruby
